GEM
  remote: https://rubygems.org/
  specs:
    clamp (1.3.0)
    coderay (1.1.2)
    colorize (0.8.1)
    method_source (0.9.2)
    pg (1.1.4)
    pry (0.12.2)
      coderay (~> 1.1.0)
      method_source (~> 0.9.0)

PLATFORMS
  ruby

DEPENDENCIES
  clamp
  colorize
  pg
  pry

BUNDLED WITH
   2.0.1
